GEM
  remote: https://rubygems.org/
  specs:
    activesupport (4.0.2)
      i18n (~> 0.6, >= 0.6.4)
      minitest (~> 4.2)
      multi_json (~> 1.3)
      thread_safe (~> 0.1)
      tzinfo (~> 0.3.37)
    atomic (1.1.14)
    coderay (1.1.0)
    columnize (0.3.6)
    debugger (1.6.5)
      columnize (>= 0.3.1)
      debugger-linecache (~> 1.2.0)
      debugger-ruby_core_source (~> 1.3.1)
    debugger-linecache (1.2.0)
    debugger-ruby_core_source (1.3.1)
    httpclient (2.3.4.1)
    i18n (0.6.9)
    java_properties (0.0.4)
    logeasy (0.0.8)
    method_source (0.8.2)
    minitest (4.7.5)
    multi_json (1.8.2)
    properties-ruby (0.0.4)
      logeasy (>= 0.0.4)
    pry (0.9.12.4)
      coderay (~> 1.0)
      method_source (~> 0.8)
      slop (~> 3.4)
    pry-debugger (0.2.2)
      debugger (~> 1.3)
      pry (~> 0.9.10)
    rack (1.5.2)
    rack-flash3 (1.0.3)
      rack
    rack-protection (1.5.0)
      rack
    sinatra (1.4.3)
      rack (~> 1.4)
      rack-protection (~> 1.4)
      tilt (~> 1.3, >= 1.3.4)
    slop (3.4.7)
    stormpath-sdk (1.0.0.beta.5)
      activesupport (>= 3.2.8)
      httpclient (>= 2.2.5)
      java_properties
      multi_json (>= 1.3.6)
      properties-ruby (~> 0.0.4)
      uuidtools (>= 2.1.3)
    thread_safe (0.1.3)
      atomic
    tilt (1.4.1)
    tzinfo (0.3.38)
    uuidtools (2.1.4)

PLATFORMS
  ruby

DEPENDENCIES
  pry
  pry-debugger
  rack-flash3
  sinatra
  stormpath-sdk (= 1.0.0.beta.5)
